NUGET
  remote: https://www.nuget.org/api/v2
  specs:
    Dropbox.Api (3.2)
      Microsoft.Bcl.Async (>= 1.0.168) - framework: portable-net40+sl5+win8+wp8+wpa81
      Microsoft.Net.Http (>= 2.2.29) - framework: portable-net40+sl5+win8+wp8+wpa81
      Newtonsoft.Json (>= 7.0.1) - framework: >= net45, portable-dnxcore50+net45+win8+wp8+wpa81, portable-net40+sl5+win8+wp8+wpa81
    FSharp.Core (4.0.0.1) - redirects: force
    Microsoft.Bcl (1.1.10) - framework: portable-net40+sl5+win8+wp8+wpa81
      Microsoft.Bcl.Build (>= 1.0.14)
    Microsoft.Bcl.Async (1.0.168) - framework: portable-net40+sl5+win8+wp8+wpa81
      Microsoft.Bcl (>= 1.1.8)
    Microsoft.Bcl.Build (1.0.21) - import_targets: false, framework: portable-net40+sl5+win8+wp8+wpa81
    Microsoft.Net.Http (2.2.29) - framework: portable-net40+sl5+win8+wp8+wpa81
      Microsoft.Bcl (>= 1.1.10)
      Microsoft.Bcl.Build (>= 1.0.14)
    Newtonsoft.Json (8.0.3) - framework: >= net45, portable-dnxcore50+net45+win8+wp8+wpa81, portable-net40+sl5+win8+wp8+wpa81

GROUP Build
NUGET
  remote: https://www.nuget.org/api/v2
  specs:
    FAKE (4.28)
    FSharp.Compiler.Service (2.0.0.6)
    FSharp.Formatting (2.14.3)
      FSharp.Compiler.Service (2.0.0.6)
      FSharpVSPowerTools.Core (>= 2.3 < 2.4)
    FSharpVSPowerTools.Core (2.3)
      FSharp.Compiler.Service (>= 2.0.0.3)
    Microsoft.Bcl (1.1.10) - framework: net10, net11, net20, net30, net35, net40, net40-full
      Microsoft.Bcl.Build (>= 1.0.14)
    Microsoft.Bcl.Build (1.0.21) - import_targets: false, framework: net10, net11, net20, net30, net35, net40, net40-full
    Microsoft.Net.Http (2.2.29) - framework: net10, net11, net20, net30, net35, net40, net40-full
      Microsoft.Bcl (>= 1.1.10)
      Microsoft.Bcl.Build (>= 1.0.14)
    Octokit (0.19)
      Microsoft.Net.Http  - framework: net10, net11, net20, net30, net35, net40, net40-full
    SourceLink.Fake (1.1)
GITHUB
  remote: fsharp/FAKE
  specs:
    modules/Octokit/Octokit.fsx (60acb2f035cb39f2bd40a6c58a4de10d915da248)
      Octokit